GEM
  remote: http://rubygems.org/
  specs:
    diff-lcs (1.1.3)
    haml (3.1.7)
    multi_json (1.3.6)
    rack (1.4.4)
    rack-protection (1.3.2)
      rack
    rake (0.9.2.2)
    rspec (2.12.0)
      rspec-core (~> 2.12.0)
      rspec-expectations (~> 2.12.0)
      rspec-mocks (~> 2.12.0)
    rspec-core (2.12.2)
    rspec-expectations (2.12.1)
      diff-lcs (~> 1.1.3)
    rspec-mocks (2.12.1)
    sinatra (1.3.3)
      rack (~> 1.3, >= 1.3.6)
      rack-protection (~> 1.2)
      tilt (~> 1.3, >= 1.3.3)
    tilt (1.3.3)

PLATFORMS
  ruby

DEPENDENCIES
  haml
  multi_json
  rake
  rspec
  sinatra
